GEM
  remote: https://rubygems.org/
  specs:
    ast (2.2.0)
    astrolabe (1.3.1)
      parser (~> 2.2)
    coderay (1.1.1)
    docker-api (1.23.0)
      excon (>= 0.38.0)
      json
    excon (0.49.0)
    json (1.8.3)
    memcached (1.8.0)
    method_source (0.8.2)
    parser (2.3.1.0)
      ast (~> 2.2)
    power_assert (0.3.0)
    powerpack (0.1.1)
    pry (0.10.3)
      coderay (~> 1.1.0)
      method_source (~> 0.8.1)
      slop (~> 3.4)
    rainbow (2.1.0)
    rb-readline (0.5.3)
    rubocop (0.35.1)
      astrolabe (~> 1.3)
      parser (>= 2.2.3.0, < 3.0)
      powerpack (~> 0.1)
      rainbow (>= 1.99.1, < 3.0)
      ruby-progressbar (~> 1.7)
      tins (<= 1.6.0)
    ruby-progressbar (1.8.0)
    slop (3.6.0)
    test-unit (3.1.5)
      power_assert
    tins (1.6.0)

PLATFORMS
  ruby

DEPENDENCIES
  docker-api (= 1.23.0)
  memcached (= 1.8.0)
  pry (= 0.10.3)
  rb-readline (= 0.5.3)
  rubocop (= 0.35.1)
  test-unit (= 3.1.5)

BUNDLED WITH
   1.12.3
