GEM
  remote: https://rubygems.org/
  specs:
    docker-api (1.20.0)
      excon (>= 0.38.0)
      json
    excon (0.44.4)
    json (1.8.2)
    memcached (1.8.0)

PLATFORMS
  ruby

DEPENDENCIES
  docker-api
  memcached

BUNDLED WITH
   1.10.2
